PATH
  remote: .
  specs:
    fluent-plugin-nats (0.0.4)
      eventmachine (= 0.12.10)
      fluentd (>= 0.10.7)
      nats (>= 0.4.22)

GEM
  remote: https://rubygems.org/
  specs:
    cool.io (1.1.0)
      iobuffer (>= 1.0.0)
    daemons (1.1.9)
    eventmachine (0.12.10)
    fluentd (0.10.28)
      cool.io (~> 1.1.0)
      http_parser.rb (~> 0.5.1)
      json (>= 1.4.3)
      msgpack (~> 0.4.4)
      yajl-ruby (~> 1.0)
    http_parser.rb (0.5.3)
    iobuffer (1.1.2)
    json (1.7.5)
    json_pure (1.7.5)
    msgpack (0.4.7)
    nats (0.4.28)
      daemons (>= 1.1.5)
      eventmachine (= 0.12.10)
      json_pure (>= 1.7.3)
      thin (>= 1.4.1)
    rack (1.4.1)
    rake (0.9.2.2)
    thin (1.4.1)
      daemons (>= 1.0.9)
      eventmachine (>= 0.12.6)
      rack (>= 1.0.0)
    yajl-ruby (1.1.0)

PLATFORMS
  ruby

DEPENDENCIES
  fluent-plugin-nats!
  rake (>= 0.9.2)
